PATH
  remote: .
  specs:
    reins (0.0.1)
      rack

GEM
  remote: https://rubygems.org/
  specs:
    minitest (5.25.4)
    rack (3.1.8)
    rack-test (2.2.0)
      rack (>= 1.3)
    rake (13.2.1)

PLATFORMS
  arm64-darwin-24

DEPENDENCIES
  minitest
  rack-test
  rake (~> 13.0)
  reins!

BUNDLED WITH
   2.4.1
