PATH
  remote: .
  specs:
    reins (0.0.3)
      erubis
      listen
      multi_json
      puma
      rack
      rerun
      sqlite3
      thor

GEM
  remote: https://rubygems.org/
  specs:
    erubis (2.7.0)
    ffi (1.17.1-arm64-darwin)
    listen (3.9.0)
      rb-fsevent (~> 0.10, >= 0.10.3)
      rb-inotify (~> 0.9, >= 0.9.10)
    minitest (5.25.4)
    multi_json (1.15.0)
    nio4r (2.7.4)
    puma (6.6.0)
      nio4r (~> 2.0)
    rack (3.1.8)
    rack-test (2.2.0)
      rack (>= 1.3)
    rake (13.2.1)
    rb-fsevent (0.11.2)
    rb-inotify (0.11.1)
      ffi (~> 1.0)
    rerun (0.14.0)
      listen (~> 3.0)
    sqlite3 (2.5.0-arm64-darwin)
    thor (1.3.2)

PLATFORMS
  arm64-darwin-24

DEPENDENCIES
  minitest
  rack-test
  rake (~> 13.0)
  reins!

BUNDLED WITH
   2.4.1
